PATH
  remote: .
  specs:
    bit-array (0.0.4)

GEM
  remote: http://rubygems.org/
  specs:
    rake (0.9.2.2)
    test-unit (2.4.5)
    yard (0.7.4)

PLATFORMS
  ruby

DEPENDENCIES
  bit-array!
  rake
  test-unit
  yard
